GEM
  remote: https://rubygems.org/
  specs:
    equatable (0.5.0)
    exif (2.2.0)
    hitimes (1.3.0)
    mini_exiftool (2.9.0)
    necromancer (0.4.0)
    pastel (0.7.2)
      equatable (~> 0.5.0)
      tty-color (~> 0.4.0)
    timers (4.1.2)
      hitimes
    tty-color (0.4.3)
    tty-cursor (0.6.0)
    tty-prompt (0.17.0)
      necromancer (~> 0.4.0)
      pastel (~> 0.7.0)
      timers (~> 4.0)
      tty-cursor (~> 0.6.0)
      tty-reader (~> 0.4.0)
    tty-reader (0.4.0)
      tty-cursor (~> 0.6.0)
      tty-screen (~> 0.6.4)
      wisper (~> 2.0.0)
    tty-screen (0.6.5)
    wisper (2.0.0)

PLATFORMS
  ruby

DEPENDENCIES
  exif (~> 2.0)
  mini_exiftool (~> 2.0)
  pastel
  tty-prompt

BUNDLED WITH
   1.16.3
